GEM
  remote: http://rubygems.org/
  specs:
    json (1.5.1)
    json_pure (1.5.1)
    kgio (2.3.2)
    sinatra (1.1.3)
      rack (~> 1.1)
      tilt (>= 1.2.2, < 2.0)
    stringex (1.1.0)
    tilt (1.2.2)
    unicorn (3.4.0)
      kgio (~> 2.2)
      rack
    uuidtools (2.1.2)

PLATFORMS
  ruby

DEPENDENCIES
  json
  sinatra
  unicorn